GEM
  remote: https://rubygems.org/
  specs:
    addressable (2.8.0)
      public_suffix (>= 2.0.2, < 5.0)
    claide (1.0.3)
    claide-plugins (0.9.2)
      cork
      nap
      open4 (~> 1.3)
    colored2 (3.1.2)
    concurrent-ruby (1.1.9)
    cork (0.3.0)
      colored2 (~> 3.1)
    danger (5.16.1)
      claide (~> 1.0)
      claide-plugins (>= 0.9.2)
      colored2 (~> 3.1)
      cork (~> 0.1)
      faraday (~> 0.9)
      faraday-http-cache (~> 1.0)
      git (~> 1.5)
      kramdown (~> 1.5)
      no_proxy_fix
      octokit (~> 4.7)
      terminal-table (~> 1)
    differ (0.1.2)
    et-orbi (1.2.4)
      tzinfo
    faraday (0.17.4)
      multipart-post (>= 1.2, < 3)
    faraday-http-cache (1.3.1)
      faraday (~> 0.8)
    fugit (1.5.0)
      et-orbi (~> 1.1, >= 1.1.8)
      raabro (~> 1.4)
    git (1.9.1)
      rchardet (~> 1.8)
    kramdown (1.17.0)
    liquid (5.0.1)
    logger-colors (1.0.0)
    mini_portile2 (2.5.3)
    multipart-post (2.1.1)
    nap (1.1.0)
    no_proxy_fix (0.1.2)
    nokogiri (1.11.7)
      mini_portile2 (~> 2.5.0)
      racc (~> 1.4)
    octokit (4.21.0)
      faraday (>= 0.9)
      sawyer (~> 0.8.0, >= 0.5.3)
    open4 (1.3.4)
    pmdtester (1.2.0)
      differ (~> 0.1)
      liquid (>= 4.0)
      logger-colors (~> 1.0)
      nokogiri (>= 1.11.0.rc4)
      rufus-scheduler (~> 3.5)
      slop (~> 4.6)
    public_suffix (4.0.6)
    raabro (1.4.0)
    racc (1.5.2)
    rchardet (1.8.0)
    rouge (3.26.0)
    rufus-scheduler (3.8.0)
      fugit (~> 1.1, >= 1.1.6)
    safe_yaml (1.0.5)
    sawyer (0.8.2)
      addressable (>= 2.3.5)
      faraday (> 0.8, < 2.0)
    slop (4.9.1)
    terminal-table (1.8.0)
      unicode-display_width (~> 1.1, >= 1.1.1)
    tzinfo (2.0.4)
      concurrent-ruby (~> 1.0)
    unicode-display_width (1.7.0)

PLATFORMS
  ruby

DEPENDENCIES
  danger (~> 5.6, >= 5.6)
  liquid (>= 4.0.0)
  pmdtester (~> 1)
  rouge (>= 1.7, < 4)
  safe_yaml (>= 1.0)

BUNDLED WITH
   2.1.4
