GEM
  remote: https://rubygems.org/
  specs:
    addressable (2.8.7)
      public_suffix (>= 2.0.2, < 7.0)
    bigdecimal (3.1.8)
    claide (1.1.0)
    claide-plugins (0.9.2)
      cork
      nap
      open4 (~> 1.3)
    colored2 (3.1.2)
    concurrent-ruby (1.3.4)
    cork (0.3.0)
      colored2 (~> 3.1)
    danger (9.5.0)
      claide (~> 1.0)
      claide-plugins (>= 0.9.2)
      colored2 (~> 3.1)
      cork (~> 0.1)
      faraday (>= 0.9.0, < 3.0)
      faraday-http-cache (~> 2.0)
      git (~> 1.13)
      kramdown (~> 2.3)
      kramdown-parser-gfm (~> 1.0)
      octokit (>= 4.0)
      terminal-table (>= 1, < 4)
    differ (0.1.2)
    et-orbi (1.2.11)
      tzinfo
    faraday (2.11.0)
      faraday-net_http (>= 2.0, < 3.4)
      logger
    faraday-http-cache (2.5.1)
      faraday (>= 0.8)
    faraday-net_http (3.3.0)
      net-http
    fugit (1.11.1)
      et-orbi (~> 1, >= 1.2.11)
      raabro (~> 1.4)
    git (1.19.1)
      addressable (~> 2.8)
      rchardet (~> 1.8)
    kramdown (2.4.0)
      rexml
    kramdown-parser-gfm (1.1.0)
      kramdown (~> 2.0)
    liquid (5.5.1)
    logger (1.6.0)
    logger-colors (1.0.0)
    nap (1.1.0)
    net-http (0.4.1)
      uri
    nokogiri (1.16.7-x86_64-linux)
      racc (~> 1.4)
    octokit (9.1.0)
      faraday (>= 1, < 3)
      sawyer (~> 0.9)
    open4 (1.3.4)
    pmdtester (1.5.5)
      differ (~> 0.1)
      liquid (~> 5.4)
      logger-colors (~> 1.0)
      nokogiri (~> 1.13)
      rufus-scheduler (~> 3.8)
      slop (~> 4.9)
    public_suffix (6.0.1)
    raabro (1.4.0)
    racc (1.8.1)
    rchardet (1.8.0)
    rexml (3.3.6)
      strscan
    rouge (4.4.0)
    rufus-scheduler (3.9.1)
      fugit (~> 1.1, >= 1.1.6)
    safe_yaml (1.0.5)
    sawyer (0.9.2)
      addressable (>= 2.3.5)
      faraday (>= 0.17.3, < 3)
    slop (4.10.1)
    strscan (3.1.0)
    terminal-table (3.0.2)
      unicode-display_width (>= 1.1.1, < 3)
    tzinfo (2.0.6)
      concurrent-ruby (~> 1.0)
    unicode-display_width (2.5.0)
    uri (0.13.1)

PLATFORMS
  x86_64-linux

DEPENDENCIES
  bigdecimal
  danger
  liquid
  pmdtester
  rouge
  safe_yaml

BUNDLED WITH
   2.5.3
