GEM
  remote: https://rubygems.org/
  specs:
    base64 (0.2.0)
    bigdecimal (3.1.9)
    concurrent-ruby (1.3.5)
    differ (0.1.2)
    et-orbi (1.2.11)
      tzinfo
    fugit (1.11.1)
      et-orbi (~> 1, >= 1.2.11)
      raabro (~> 1.4)
    liquid (5.8.2)
      bigdecimal
      strscan (>= 3.1.1)
    logger (1.7.0)
    logger-colors (1.0.0)
    nokogiri (1.18.5-x86_64-linux-gnu)
      racc (~> 1.4)
    ostruct (0.6.1)
    pmdtester (1.5.5)
      differ (~> 0.1)
      liquid (~> 5.4)
      logger-colors (~> 1.0)
      nokogiri (~> 1.13)
      rufus-scheduler (~> 3.8)
      slop (~> 4.9)
    raabro (1.4.0)
    racc (1.8.1)
    rufus-scheduler (3.9.2)
      fugit (~> 1.1, >= 1.11.1)
    slop (4.10.1)
    strscan (3.1.2)
    tzinfo (2.0.6)
      concurrent-ruby (~> 1.0)

PLATFORMS
  x86_64-linux

DEPENDENCIES
  base64
  logger
  ostruct
  pmdtester

BUNDLED WITH
   2.6.6
